GEM
  remote: https://rubygems.org/
  specs:
    sequel (4.47.0)

PLATFORMS
  ruby

DEPENDENCIES
  sequel

BUNDLED WITH
   1.15.1
